GEM
  remote: https://rubygems.org/
  specs:
    ipa_analyzer (0.1.0)
      plist (~> 3.1, >= 3.1.0)
      rubyzip (~> 1.1.7, >= 1.1.7)
    plist (3.1.0)
    rubyzip (1.1.7)

PLATFORMS
  ruby

DEPENDENCIES
  ipa_analyzer
